PATH
  remote: .
  specs:
    free_email_checker (0.3.0)
      resolv-ipv6favor (= 0.0.0)

GEM
  remote: https://rubygems.org/
  specs:
    rake (13.0.1)
    resolv-ipv6favor (0.0.0)

PLATFORMS
  ruby

DEPENDENCIES
  bundler (~> 2.1, >= 2.1.4)
  free_email_checker!
  rake (~> 13.0, >= 13.0.1)

BUNDLED WITH
   2.1.4
