PATH
  remote: .
  specs:
    free_email_checker (0.1.0)
      resolv-ipv6favor (= 0.0.0)

GEM
  remote: https://rubygems.org/
  specs:
    rake (10.5.0)
    resolv-ipv6favor (0.0.0)

PLATFORMS
  ruby

DEPENDENCIES
  bundler (~> 1.16)
  free_email_checker!
  rake (~> 10.0)

BUNDLED WITH
   1.16.1
